{
	"TaskName": "p300",
	"Manufacturer": "g.tec",
	"PowerLineFrequency": 50.0,
	"SamplingFrequency": 512.0,
	"SoftwareFilters": "n/a",
	"RecordingDuration": 306.998046875,
	"RecordingType": "continuous",
	"EEGReference": "left earlobe",
	"EEGGround": "FZ",
	"EEGPlacementScheme": "10-20 system",
	"EEGChannelCount": 16,
	"EOGChannelCount": 0,
	"ECGChannelCount": 0,
	"EMGChannelCount": 0,
	"TriggerChannelCount": 0,
	"ManufacturersModelName": "g.USBamp (g.tec, Schiedlberg, Austria)",
	"SoftwareVersions": "OpenVibe",
	"CapManufacturer": "g.tec",
	"CapManufacturersModelName": "g.GAMMAcap",
	"HardwareFilters": {
		"HardwareFilter": {
			"Description": "no digital filter applied"
		}
	},
	"TaskDescription": "[visual P300 BCI] compare P300-based BCI with and without adaptive calibration using Riemannian geometry; randomised order of runs (adaptive vs non-adaptive)",
	"Instructions": "destroy targets in Brain Invaders BCI video game",
	"CogAtlasID": "https://www.cognitiveatlas.org/task/id/tsk_GxjZBNiJorj1K/",
	"InstitutionName": "GIPSA-lab, CNRS, University Grenoble-Alpes, Grenoble INP",
	"InstitutionAddress": "GIPSA-lab, 11 rue des Math\u00e9matiques, Grenoble Campus BP46, F-38402, France",
	"InstitutionalDepartmentName": "n/a",
	"SubjectArtefactDescription": "n/a",
	"DeviceSerialNumber": "n/a",
	"Description": "EEG recordings of 24 subjects doing a visual P300 Brain-Computer Interface experiment comparing adaptive vs non-adaptive calibration using Riemannian geometry",
	"MISCChannelCount": 0
}